GEM
  remote: https://rubygems.org/
  specs:
    pg (0.18.4)
    rack (1.6.4)
    rake (10.5.0)
    shotgun (0.9.1)
      rack (>= 1.0)
    sinatra (1.1.0)
      rack (~> 1.1)
      tilt (~> 1.1)
    tilt (1.4.1)

PLATFORMS
  ruby

DEPENDENCIES
  pg
  rake
  shotgun
  sinatra (= 1.1.0)

RUBY VERSION
   ruby 2.3.1p112

BUNDLED WITH
   1.12.5
